GEM
  remote: https://rubygems.org/
  specs:
    backports (3.6.8)
    dotenv (2.1.0)
    json (1.8.3)
    rack (1.4.7)
    sinatra (1.2.9)
      backports
      rack (~> 1.1, < 1.5)
      tilt (>= 1.2.2, < 2.0)
    tilt (1.4.1)

PLATFORMS
  ruby

DEPENDENCIES
  dotenv
  json
  sinatra (= 1.2.9)

BUNDLED WITH
   1.11.2
